GEM
  remote: https://rubygems.org/
  specs:
    bson (2.3.0)
    bson (2.3.0-java)
    connection_pool (2.1.1)
    moped (2.0.3)
      bson (~> 2.2)
      connection_pool (~> 2.0)
      optionable (~> 0.2.0)
    optionable (0.2.0)

PLATFORMS
  java
  ruby

DEPENDENCIES
  moped
